GEM
  remote: http://rubygems.org/
  specs:
    actionmailer (2.3.10)
      actionpack (= 2.3.10)
    actionpack (2.3.10)
      activesupport (= 2.3.10)
      rack (~> 1.1.0)
    activerecord (2.3.10)
      activesupport (= 2.3.10)
    activeresource (2.3.10)
      activesupport (= 2.3.10)
    activesupport (2.3.10)
    authlogic (2.1.6)
      activesupport
    aws-s3 (0.6.2)
      builder
      mime-types
      xml-simple
    builder (3.0.0)
    domain_name (0.5.2)
      unf (~> 0.0.3)
    flickr_fu (0.3.1)
      flickr_fu
      mime-types (> 0.0.0)
      xml-magic (> 0.0.0)
    geokit (1.6.5)
      multi_json
    geokit-rails (1.1.4)
      geokit (>= 1.5.0)
    haml (2.2.24)
    mechanize (2.1.1)
      domain_name (~> 0.5, >= 0.5.1)
      net-http-digest_auth (~> 1.1, >= 1.1.1)
      net-http-persistent (~> 2.4, >= 2.4.1)
      nokogiri (~> 1.4)
      ntlm-http (~> 0.1, >= 0.1.1)
      webrobots (~> 0.0, >= 0.0.9)
    mime-types (1.17.2)
    multi_json (1.0.4)
    net-http-digest_auth (1.2)
    net-http-persistent (2.5)
    nokogiri (1.5.0)
    ntlm-http (0.1.1)
    paperclip (2.3.1.1)
    pg (0.12.2)
    rack (1.1.3)
    rails (2.3.10)
      actionmailer (= 2.3.10)
      actionpack (= 2.3.10)
      activerecord (= 2.3.10)
      activeresource (= 2.3.10)
      activesupport (= 2.3.10)
      rake (>= 0.8.3)
    rake (0.9.2.2)
    unf (0.0.4)
      unf_ext
    unf_ext (0.0.4)
    webrobots (0.0.13)
    xml-magic (0.1.1)
    xml-simple (1.1.1)

PLATFORMS
  ruby

DEPENDENCIES
  authlogic
  aws-s3
  flickr_fu
  geokit
  geokit-rails
  haml (< 3.0)
  mechanize
  paperclip (~> 2.3.1.1)
  pg
  rails (= 2.3.10)
